GEM
  remote: https://rubygems.org/
  specs:
    aoc_rb (0.2.3)
      dotenv (~> 2.7.6)
      httparty (~> 0.20.0)
      nokogiri (~> 1.13.6)
      rspec (~> 3.0)
      thor (~> 1.2.1)
    diff-lcs (1.4.4)
    dotenv (2.7.6)
    httparty (0.20.0)
      mime-types (~> 3.0)
      multi_xml (>= 0.5.2)
    mime-types (3.4.1)
      mime-types-data (~> 3.2015)
    mime-types-data (3.2021.1115)
    multi_xml (0.6.0)
    nokogiri (1.13.9-x86_64-linux)
      racc (~> 1.4)
    racc (1.6.0)
    rspec (3.10.0)
      rspec-core (~> 3.10.0)
      rspec-expectations (~> 3.10.0)
      rspec-mocks (~> 3.10.0)
    rspec-core (3.10.1)
      rspec-support (~> 3.10.0)
    rspec-expectations (3.10.1)
      diff-lcs (>= 1.2.0, < 2.0)
      rspec-support (~> 3.10.0)
    rspec-mocks (3.10.2)
      diff-lcs (>= 1.2.0, < 2.0)
      rspec-support (~> 3.10.0)
    rspec-support (3.10.2)
    thor (1.2.1)

PLATFORMS
  x86_64-linux

DEPENDENCIES
  aoc_rb

BUNDLED WITH
   2.2.17
